GEM
  remote: https://rubygems.org/
  specs:
    adsf (1.4.6)
      rack (>= 1.0.0, < 3.0.0)
    foreman (0.87.2)
    rack (2.2.6.3)
    rake (13.0.6)
    webrick (1.7.0)

PLATFORMS
  x86_64-darwin-22

DEPENDENCIES
  adsf
  foreman
  rake
  webrick

RUBY VERSION
   ruby 3.1.3p185

BUNDLED WITH
   2.4.1
